PATH
  remote: .
  specs:
    focus_weibo (0.0.1)
      hashie (~> 1.2.0)
      json (>= 1.7.3, < 2.4.0)
      oauth2 (~> 0.8.0)
      rest-client (~> 1.6.7)

GEM
  remote: https://rubygems.org/
  specs:
    diff-lcs (1.1.3)
    faraday (0.17.3)
      multipart-post (>= 1.2, < 3)
    hashie (1.2.0)
    httpauth (0.2.1)
    json (2.3.1)
    jwt (0.1.13)
      multi_json (>= 1.5)
    mime-types (1.25.1)
    multi_json (1.15.0)
    multipart-post (2.1.1)
    oauth2 (0.8.1)
      faraday (~> 0.8)
      httpauth (~> 0.1)
      jwt (~> 0.1.4)
      multi_json (~> 1.0)
      rack (~> 1.2)
    rack (1.6.13)
    rest-client (1.6.14)
      mime-types (~> 1.16)
    rspec (2.11.0)
      rspec-core (~> 2.11.0)
      rspec-expectations (~> 2.11.0)
      rspec-mocks (~> 2.11.0)
    rspec-core (2.11.1)
    rspec-expectations (2.11.2)
      diff-lcs (~> 1.1.3)
    rspec-mocks (2.11.2)

PLATFORMS
  ruby

DEPENDENCIES
  focus_weibo!
  rspec (~> 2.6)
